GEM
  remote: https://rubygems.org/
  remote: http://lprod.code-api-att.com:8808/
  specs:
    att-codekit (4.1.2)
      bundler (~> 1.3)
      immutable_struct
      json
      mime-types (~> 1.25)
      rake
      rest-client (~> 1.6)
    backports (3.6.0)
    daemons (1.1.9)
    eventmachine (1.0.3)
    immutable_struct (1.1.1)
    json (1.8.1)
    mime-types (1.25.1)
    multi_json (1.8.4)
    rack (1.5.2)
    rack-protection (1.5.2)
      rack
    rack-test (0.6.2)
      rack (>= 1.0)
    rake (10.1.1)
    rest-client (1.6.7)
      mime-types (>= 1.16)
    sinatra (1.4.4)
      rack (~> 1.4)
      rack-protection (~> 1.4)
      tilt (~> 1.3, >= 1.3.4)
    sinatra-contrib (1.4.2)
      backports (>= 2.0)
      multi_json
      rack-protection
      rack-test
      sinatra (~> 1.4.0)
      tilt (~> 1.3)
    thin (1.6.1)
      daemons (>= 1.0.9)
      eventmachine (>= 1.0.0)
      rack (>= 1.0.0)
    tilt (1.4.1)

PLATFORMS
  ruby

DEPENDENCIES
  att-codekit (~> 4.1)
  immutable_struct (~> 1.1)
  json (~> 1.8)
  mime-types (~> 1.25)
  rack (~> 1.5)
  rest-client (~> 1.6)
  sinatra (~> 1.4)
  sinatra-contrib
  thin (~> 1.6)
